GEM
  remote: http://rubygems.org/
  specs:
    haml (3.1.3)
    hike (1.2.1)
    rack (1.3.5)
    sprockets (2.1.1)
      hike (~> 1.2)
      rack (~> 1.0)
      tilt (~> 1.1, != 1.3.0)
    tilt (1.3.3)

PLATFORMS
  ruby

DEPENDENCIES
  haml
  sprockets (>= 2.0)
